GEM
  remote: https://rubygems.org/
  specs:
    haml (4.0.7)
      tilt
    json (1.8.3)
    mime-types (2.6.1)
    netrc (0.10.3)
    puma (2.13.4)
    rack (1.6.4)
    rack-protection (1.5.3)
      rack
    rest-client (1.7.3)
      mime-types (>= 1.16, < 3.0)
      netrc (~> 0.7)
    sinatra (1.4.6)
      rack (~> 1.4)
      rack-protection (~> 1.4)
      tilt (>= 1.3, < 3)
    tilt (2.0.1)

PLATFORMS
  ruby

DEPENDENCIES
  haml (~> 4.0)
  json (~> 1.8)
  puma (~> 2.13)
  rest-client (~> 1.7.0)
  sinatra (~> 1.4)

BUNDLED WITH
   1.10.6
